GEM
  specs:

PLATFORMS
  arm64-darwin-20

DEPENDENCIES

BUNDLED WITH
   2.3.6
